PATH
  remote: .
  specs:
    widget (0.0.2)
      aruba (~> 0.3)
      commandable (~> 0.2.0.beta)
      cucumber (~> 0.10)
      hashmodel (~> 0.4.0.beta)
      rspec (~> 2.5)

GEM
  remote: http://rubygems.org/
  specs:
    aruba (0.3.4)
      childprocess (>= 0.1.7)
      cucumber (>= 0.10.0)
      rspec (>= 2.5.0)
    builder (3.0.0)
    childprocess (0.1.7)
      ffi (~> 0.6.3)
    commandable (0.2.0.beta3)
      term-ansicolor-hi (~> 1.0.7)
    cucumber (0.10.2)
      builder (>= 2.1.2)
      diff-lcs (>= 1.1.2)
      gherkin (>= 2.3.5)
      json (>= 1.4.6)
      term-ansicolor (>= 1.0.5)
    diff-lcs (1.1.2)
    ffi (0.6.3)
      rake (>= 0.8.7)
    file-tail (1.0.5)
      spruz (>= 0.1.0)
    gherkin (2.3.5)
      json (>= 1.4.6)
    hashmodel (0.4.0.beta3)
      file-tail
      sourcify
    json (1.5.1)
    rake (0.8.7)
    rspec (2.5.0)
      rspec-core (~> 2.5.0)
      rspec-expectations (~> 2.5.0)
      rspec-mocks (~> 2.5.0)
    rspec-core (2.5.1)
    rspec-expectations (2.5.0)
      diff-lcs (~> 1.1.2)
    rspec-mocks (2.5.0)
    ruby2ruby (1.2.5)
      ruby_parser (~> 2.0)
      sexp_processor (~> 3.0)
    ruby_parser (2.0.6)
      sexp_processor (~> 3.0)
    sexp_processor (3.0.5)
    sourcify (0.4.2)
      file-tail (>= 1.0.5)
      ruby2ruby (>= 1.2.5)
      sexp_processor (>= 3.0.5)
    spruz (0.2.5)
    term-ansicolor (1.0.5)
    term-ansicolor-hi (1.0.7)

PLATFORMS
  ruby

DEPENDENCIES
  widget!
