PATH
  remote: .
  specs:
    widget (0.0.5)
      aruba (~> 0.3)
      commandable (~> 0.2.1)
      cucumber (~> 0.10)
      hashmodel (~> 0.4)
      rspec (~> 2.5)

GEM
  remote: http://rubygems.org/
  specs:
    aruba (0.4.2)
      bcat (>= 0.6.1)
      childprocess (>= 0.1.9)
      cucumber (>= 0.10.7)
      rdiscount (>= 1.6.8)
      rspec (>= 2.6.0)
    bcat (0.6.1)
      rack (~> 1.0)
    builder (3.0.0)
    childprocess (0.1.9)
      ffi (~> 1.0.6)
    commandable (0.2.1)
      term-ansicolor-hi (~> 1.0.7)
    cucumber (0.10.7)
      builder (>= 2.1.2)
      diff-lcs (>= 1.1.2)
      gherkin (~> 2.4.0)
      json (>= 1.4.6)
      term-ansicolor (>= 1.0.5)
    diff-lcs (1.1.2)
    ffi (1.0.9)
    file-tail (1.0.5)
      spruz (>= 0.1.0)
    gherkin (2.4.1)
      json (>= 1.4.6)
    hashmodel (0.4.0)
      file-tail (~> 1.0)
      sourcify (~> 0.4)
    json (1.5.3)
    rack (1.3.0)
    rdiscount (1.6.8)
    rspec (2.6.0)
      rspec-core (~> 2.6.0)
      rspec-expectations (~> 2.6.0)
      rspec-mocks (~> 2.6.0)
    rspec-core (2.6.4)
    rspec-expectations (2.6.0)
      diff-lcs (~> 1.1.2)
    rspec-mocks (2.6.0)
    ruby2ruby (1.2.5)
      ruby_parser (~> 2.0)
      sexp_processor (~> 3.0)
    ruby_parser (2.0.6)
      sexp_processor (~> 3.0)
    sexp_processor (3.0.5)
    sourcify (0.5.0)
      file-tail (>= 1.0.5)
      ruby2ruby (>= 1.2.5)
      ruby_parser (>= 2.0.5)
      sexp_processor (>= 3.0.5)
    spruz (0.2.7)
    term-ansicolor (1.0.5)
    term-ansicolor-hi (1.0.7)

PLATFORMS
  ruby

DEPENDENCIES
  widget!
